GEM
  remote: http://rubygems.org/
  specs:
    RedCloth (4.2.3)
    actionmailer (2.3.9)
      actionpack (= 2.3.9)
    actionpack (2.3.9)
      activesupport (= 2.3.9)
      rack (~> 1.1.0)
    activerecord (2.3.9)
      activesupport (= 2.3.9)
    activeresource (2.3.9)
      activesupport (= 2.3.9)
    activesupport (2.3.9)
    acts-as-taggable-on (2.0.6)
    authlogic (2.1.6)
      activesupport
    bluecloth (2.0.7)
    columnize (0.3.1)
    daemons (1.1.0)
    delayed_job (2.0.3)
      daemons
    jrails (0.6.0)
    less (1.2.21)
      mutter (>= 0.4.2)
      treetop (>= 1.4.2)
    linecache (0.43)
    mime-types (1.16)
    mutter (0.5.3)
    mysqlplus (0.1.2)
    newrelic_rpm (2.12.3)
    paperclip (2.3.1.1)
    polyglot (0.3.1)
    rack (1.1.0)
    rails (2.3.9)
      actionmailer (= 2.3.9)
      actionpack (= 2.3.9)
      activerecord (= 2.3.9)
      activeresource (= 2.3.9)
      activesupport (= 2.3.9)
      rake (>= 0.8.3)
    rake (0.8.7)
    rcov (0.9.8)
    recaptcha (0.2.3)
    ruby-debug (0.10.3)
      columnize (>= 0.1)
      ruby-debug-base (~> 0.10.3.0)
    ruby-debug-base (0.10.3)
      linecache (>= 0.3)
    ruby-prof (0.9.2)
    sqlite3-ruby (1.3.1)
    tiny_mce (0.1.4)
    treetop (1.4.8)
      polyglot (>= 0.3.1)
    will_paginate (2.3.14)

PLATFORMS
  ruby

DEPENDENCIES
  RedCloth (>= 4.2.3)
  acts-as-taggable-on (>= 2.0.6)
  authlogic (>= 2.1.5)
  bluecloth (>= 2.0.7)
  bundler (>= 0.9.26)
  delayed_job (~> 2.0.3)
  jrails (>= 0.6.0)
  less (>= 1.2.21)
  mime-types (>= 1.16)
  mysqlplus (>= 0.1.2)
  newrelic_rpm (>= 2.12.3)
  paperclip (= 2.3.1.1)
  rails (~> 2.3.9)
  rcov (>= 0.9.8)
  recaptcha (>= 0.2.3)
  ruby-debug (>= 0.10.3)
  ruby-prof (>= 0.8.2)
  sqlite3-ruby
  tiny_mce (>= 0.1.4)
  will_paginate (>= 2.3.14)
