GEM
  remote: http://rubygems.org/
  specs:
    RedCloth (4.2.7)
    actionmailer (2.3.12)
      actionpack (= 2.3.12)
    actionpack (2.3.12)
      activesupport (= 2.3.12)
      rack (~> 1.1.0)
    activerecord (2.3.12)
      activesupport (= 2.3.12)
    activeresource (2.3.12)
      activesupport (= 2.3.12)
    activesupport (2.3.12)
    acts-as-taggable-on (2.0.6)
    authlogic (2.1.6)
      activesupport
    bluecloth (2.1.0)
    columnize (0.3.2)
    daemons (1.0.10)
    delayed_job (2.0.7)
      activesupport (~> 2.0)
      daemons (= 1.0.10)
    fastercsv (1.5.4)
    jrails (0.6.0)
    less (2.0.1)
      therubyracer (~> 0.9.0beta6)
    libv8 (3.3.10.2)
    linecache (0.43)
    mime-types (1.16)
    mysql2 (0.2.7)
    newrelic_rpm (3.0.1)
    paperclip (2.3.1.1)
    rack (1.1.2)
    rails (2.3.12)
      actionmailer (= 2.3.12)
      actionpack (= 2.3.12)
      activerecord (= 2.3.12)
      activeresource (= 2.3.12)
      activesupport (= 2.3.12)
      rake (>= 0.8.3)
    rake (0.9.2)
    rcov (0.9.9)
    rdoc (3.6.1)
    recaptcha (0.3.1)
    ruby-debug (0.10.4)
      columnize (>= 0.1)
      ruby-debug-base (~> 0.10.4.0)
    ruby-debug-base (0.10.4)
      linecache (>= 0.3)
    ruby-prof (0.10.7)
    sqlite3 (1.3.3)
    sqlite3-ruby (1.3.3)
      sqlite3 (>= 1.3.3)
    therubyracer (0.9.0beta7)
      libv8 (~> 3.3.10)
    tiny_mce (0.1.4)
    will_paginate (2.3.15)

PLATFORMS
  ruby

DEPENDENCIES
  RedCloth (>= 4.2.3)
  acts-as-taggable-on (>= 2.0.6)
  authlogic (>= 2.1.5)
  bluecloth (>= 2.0.7)
  bundler (>= 0.9.26)
  delayed_job (~> 2.0.3)
  fastercsv (>= 1.5.3)
  jrails (>= 0.6.0)
  less (>= 1.2.21)
  mime-types (>= 1.16)
  mysql2 (~> 0.2.0)
  newrelic_rpm (>= 2.12.3)
  paperclip (= 2.3.1.1)
  rails (~> 2.3.9)
  rcov (>= 0.9.8)
  rdoc
  recaptcha (>= 0.2.3)
  ruby-debug (>= 0.10.3)
  ruby-prof (>= 0.8.2)
  sqlite3-ruby
  tiny_mce (>= 0.1.4)
  will_paginate (>= 2.3.14)
